PATH
  remote: .
  specs:
    circler (0.4.1)
      circleci (~> 1.0.3)
      colorize (~> 0.8.1)
      faraday (~> 0.11.0)
      highline (~> 1.7.8)
      launchy (~> 2.4.3)
      pusher-client (~> 0.6.2)
      rugged (~> 0.25.1.1)
      terminal-notifier (~> 1.7.1)
      terminal-table (~> 1.7.3)
      thor (~> 0.19.4)

GEM
  remote: https://rubygems.org/
  specs:
    addressable (2.5.0)
      public_suffix (~> 2.0, >= 2.0.2)
    circleci (1.0.3)
    colorize (0.8.1)
    diff-lcs (1.3)
    faraday (0.11.0)
      multipart-post (>= 1.2, < 3)
    highline (1.7.8)
    json (2.0.3)
    launchy (2.4.3)
      addressable (~> 2.3)
    multipart-post (2.0.0)
    public_suffix (2.0.5)
    pusher-client (0.6.2)
      json
      websocket (~> 1.0)
    rake (12.0.0)
    rspec (3.5.0)
      rspec-core (~> 3.5.0)
      rspec-expectations (~> 3.5.0)
      rspec-mocks (~> 3.5.0)
    rspec-core (3.5.4)
      rspec-support (~> 3.5.0)
    rspec-expectations (3.5.0)
      diff-lcs (>= 1.2.0, < 2.0)
      rspec-support (~> 3.5.0)
    rspec-mocks (3.5.0)
      diff-lcs (>= 1.2.0, < 2.0)
      rspec-support (~> 3.5.0)
    rspec-support (3.5.0)
    rugged (0.25.1.1)
    terminal-notifier (1.7.1)
    terminal-table (1.7.3)
      unicode-display_width (~> 1.1.1)
    thor (0.19.4)
    unicode-display_width (1.1.3)
    websocket (1.2.4)

PLATFORMS
  ruby

DEPENDENCIES
  bundler
  circler!
  rake
  rspec

BUNDLED WITH
   1.12.5
